GEM
  remote: https://rubygems.org/
  specs:
    SimilaritySairo (0.0.1)
    diff-lcs (1.4.4)
    rspec (3.10.0)
      rspec-core (~> 3.10.0)
      rspec-expectations (~> 3.10.0)
      rspec-mocks (~> 3.10.0)
    rspec-core (3.10.1)
      rspec-support (~> 3.10.0)
    rspec-expectations (3.10.1)
      diff-lcs (>= 1.2.0, < 2.0)
      rspec-support (~> 3.10.0)
    rspec-mocks (3.10.2)
      diff-lcs (>= 1.2.0, < 2.0)
      rspec-support (~> 3.10.0)
    rspec-support (3.10.2)

PLATFORMS
  x86_64-linux

DEPENDENCIES
  SimilaritySairo (~> 0.0.1)
  rspec (~> 3.0)

BUNDLED WITH
   2.2.10
